PATH
  remote: .
  specs:
    simple-password-gen (0.2.0.alpha)

GEM
  remote: http://rubygems.org/
  specs:

PLATFORMS
  ruby

DEPENDENCIES
  simple-password-gen!

BUNDLED WITH
   1.12.5
